GIT
  remote: https://github.com/daxadax/quotes-manager.git
  revision: 07b6bba7fe02de4b4745173a5b9007d57291b223
  specs:
    manager (0.0.1)

GIT
  remote: https://github.com/daxadax/quotes-persistence.git
  revision: 5ace238eb1b79d00d59a220fa2d2c6a3043ed163
  specs:
    persistence (0.0.1)
      mysql2
      sequel

GIT
  remote: https://github.com/daxadax/quotes-users.git
  revision: 728b6848070f1b53a8282e670e8c81ee5f4a8063
  specs:
    users (0.0.1)
      bcrypt
      bound

GIT
  remote: https://github.com/daxadax/quotes.git
  revision: bea346412ce701ec56bbc27b872f905e6cde4013
  specs:
    quotes (0.0.1)
      bound
      kindleclippings (~> 1.3.3)
      nokogiri (~> 1.6.1)

GEM
  remote: https://rubygems.org/
  specs:
    bcrypt (3.1.10)
    bound (2.1.0)
    capybara (2.4.4)
      mime-types (>= 1.16)
      nokogiri (>= 1.3.3)
      rack (>= 1.0.0)
      rack-test (>= 0.5.4)
      xpath (~> 2.0)
    haml (4.0.5)
      tilt
    kindleclippings (1.3.4)
    mime-types (2.4.3)
    mini_portile (0.6.1)
    minitest (5.5.0)
    minitest-capybara (0.7.1)
      capybara (~> 2.2)
      minitest (~> 5.0)
      rake
    mysql2 (0.3.18)
    nokogiri (1.6.4.1)
      mini_portile (~> 0.6.0)
    rack (1.5.2)
    rack-protection (1.5.3)
      rack
    rack-test (0.6.2)
      rack (>= 1.0)
    rake (10.4.2)
    redcarpet (3.2.0)
    sass (3.4.7)
    sequel (4.20.0)
    shotgun (0.9)
      rack (>= 1.0)
    sinatra (1.4.5)
      rack (~> 1.4)
      rack-protection (~> 1.4)
      tilt (~> 1.3, >= 1.3.4)
    tilt (1.4.1)
    xpath (2.0.0)
      nokogiri (~> 1.3)

PLATFORMS
  ruby

DEPENDENCIES
  capybara
  haml
  manager!
  minitest
  minitest-capybara
  persistence!
  quotes!
  rack-test
  redcarpet
  sass
  shotgun
  sinatra
  users!
